GEM
  remote: https://rubygems.org/
  specs:
    ast (2.4.2)
    backticks (1.0.3)
    diff-lcs (1.5.0)
    docker-api (2.2.0)
      excon (>= 0.47.0)
      multi_json
    docker-compose (1.1.13)
      backticks (~> 1.0)
    excon (0.99.0)
    json (2.6.3)
    multi_json (1.15.0)
    net-scp (4.0.0)
      net-ssh (>= 2.6.5, < 8.0.0)
    net-ssh (7.0.1)
    net-telnet (0.1.1)
    parallel (1.22.1)
    parser (3.2.1.0)
      ast (~> 2.4.1)
    rainbow (3.1.1)
    rake (13.0.6)
    regexp_parser (2.7.0)
    rexml (3.2.5)
    rspec (3.12.0)
      rspec-core (~> 3.12.0)
      rspec-expectations (~> 3.12.0)
      rspec-mocks (~> 3.12.0)
    rspec-core (3.12.1)
      rspec-support (~> 3.12.0)
    rspec-expectations (3.12.2)
      diff-lcs (>= 1.2.0, < 2.0)
      rspec-support (~> 3.12.0)
    rspec-its (1.3.0)
      rspec-core (>= 3.0.0)
      rspec-expectations (>= 3.0.0)
    rspec-mocks (3.12.3)
      diff-lcs (>= 1.2.0, < 2.0)
      rspec-support (~> 3.12.0)
    rspec-support (3.12.0)
    rspec_junit_formatter (0.6.0)
      rspec-core (>= 2, < 4, != 2.12.0)
    rubocop (1.45.1)
      json (~> 2.3)
      parallel (~> 1.10)
      parser (>= 3.2.0.0)
      rainbow (>= 2.2.2, < 4.0)
      regexp_parser (>= 1.8, < 3.0)
      rexml (>= 3.2.5, < 4.0)
      rubocop-ast (>= 1.24.1, < 2.0)
      ruby-progressbar (~> 1.7)
      unicode-display_width (>= 2.4.0, < 3.0)
    rubocop-ast (1.26.0)
      parser (>= 3.2.1.0)
    ruby-progressbar (1.11.0)
    serverspec (2.42.1)
      multi_json
      rspec (~> 3.0)
      rspec-its
      specinfra (~> 2.72)
    sfl (2.3)
    specinfra (2.84.1)
      net-scp
      net-ssh (>= 2.7)
      net-telnet (= 0.1.1)
      sfl
    unicode-display_width (2.4.2)

PLATFORMS
  arm64-darwin-22

DEPENDENCIES
  docker-api
  docker-compose
  rake
  rspec
  rspec_junit_formatter
  rubocop
  serverspec

BUNDLED WITH
   2.4.3
